{
    "Manufacturer": "Bruker BioSpin MRI GmbH",
    "ManufacturersModelName": "BioSpec 117/16",
    "DeviceSerialNumber": "NT010408",
    "SoftwareVersion": "6.0.1",
    "MagneticFieldStrength": 11.750703456358348,
    "MatrixCoilMode": "SingleExperiment",
    "PulseSequenceType": "RARE.ppg",
    "ScanningSequence": "Bruker:RARE",
    "SequenceVariant": "Both",
    "ScanOptions": {
        "RG": "No",
        "CG": "No",
        "PFF": 1,
        "PFP": 1,
        "FC": "FlowNone",
        "SP": "On",
        "FP": "FatSuppression"
    },
    "SequenceName": "3_T2_TurboRARE_low",
    "PulseSequenceDetails": "3_T2_TurboRARE_low (E3)",
    "NonlinearGradientCorrection": "RectilinearTraversal",
    "NumberShots": 1,
    "ParallelReductionFactorInPlane": 8,
    "PartialFourier": [
        1,
        1
    ],
    "PhaseEncodingDirection": "j",
    "EffectiveEchoSpacing": 6.571428571428576e-06,
    "TotalReadoutTime": 0.00036800000000000027,
    "EchoTime": 0.03,
    "SliceTiming": [
        0.0,
        0.25,
        0.5,
        0.75,
        1.0,
        1.25,
        1.5,
        1.75,
        2.0,
        2.25,
        0.125,
        0.375,
        0.625,
        0.875,
        1.125,
        1.375,
        1.625,
        1.875,
        2.125,
        2.375
    ],
    "SliceEncodingDirection": "k",
    "DwellTime": 0.002944000000000002,
    "FlipAngle": 90,
    "InstitutionName": "Radboudumc"
}