{
    "Manufacturer": "Bruker BioSpin MRI GmbH",
    "ManufacturersModelName": "BioSpec 117/16",
    "DeviceSerialNumber": "NT010408",
    "SoftwareVersion": "6.0.1",
    "MagneticFieldStrength": 11.75070390272825,
    "MatrixCoilMode": "SingleExperiment",
    "PulseSequenceType": "DtiEpi.ppg",
    "ScanningSequence": "Bruker:DtiEpi",
    "SequenceVariant": "Both",
    "ScanOptions": {
        "RG": "No",
        "CG": "No",
        "PFF": 1,
        "PFP": 1.6,
        "FC": "FlowNone",
        "SP": "Off",
        "FP": "FatSuppression"
    },
    "SequenceName": "7_DTI_EPI_v2",
    "PulseSequenceDetails": "7_DTI_EPI_v2 (E8)",
    "NonlinearGradientCorrection": "RectilinearTraversal",
    "NumberShots": 1,
    "ParallelReductionFactorInPlane": 1,
    "PartialFourier": [
        1,
        1.6
    ],
    "PhaseEncodingDirection": "j",
    "EffectiveEchoSpacing": 4.102564102564103e-06,
    "TotalReadoutTime": 0.00032,
    "EchoTime": 0.021,
    "SliceTiming": [
        0.0,
        0.017222222222222222,
        0.034444444444444444,
        0.051666666666666666,
        0.06888888888888889,
        0.08611111111111111,
        0.10333333333333333,
        0.12055555555555555,
        0.13777777777777778,
        0.155,
        0.008611111111111111,
        0.025833333333333333,
        0.043055555555555555,
        0.06027777777777778,
        0.0775,
        0.09472222222222222,
        0.11194444444444444,
        0.12916666666666665,
        0.1463888888888889,
        0.1636111111111111
    ],
    "SliceEncodingDirection": "k",
    "DwellTime": 0.00032,
    "FlipAngle": 90,
    "InstitutionName": "Radboudumc"
}